PATH
  remote: .
  specs:
    LittleJohn (1.0.0)
      mongo (= 2.18)

GEM
  remote: https://rubygems.org/
  specs:
    bson (4.15.0)
    minitest (5.16.3)
    mongo (2.18.0)
      bson (>= 4.14.1, < 5.0.0)
    rake (13.0.6)

PLATFORMS
  x86_64-linux

DEPENDENCIES
  LittleJohn!
  bundler (~> 2.4)
  minitest (~> 5.0)
  rake (~> 13.0)

BUNDLED WITH
   2.4.1
