PATH
  remote: .
  specs:
    LittleJohn (1.0.0)
      mongo (~> 2.19)
      net-smtp (~> 0.3)

GEM
  remote: https://rubygems.org/
  specs:
    bson (4.15.0)
    minitest (5.20.0)
    mongo (2.19.1)
      bson (>= 4.14.1, < 5.0.0)
    net-protocol (0.2.1)
      timeout
    net-smtp (0.3.3)
      net-protocol
    rake (13.0.6)
    timeout (0.4.0)

PLATFORMS
  x86_64-linux

DEPENDENCIES
  LittleJohn!
  bundler (~> 2.4)
  minitest (~> 5.0)
  rake (~> 13.0)

BUNDLED WITH
   2.4.18
